GIT
  remote: git@github.com:soundcloud/test-user-generator.git
  revision: ffc5653c898e6c6d866abb06433c70c90c3f3e53
  specs:
    test-user-generator (0.0.1)

GEM
  remote: https://rubygems.org/
  specs:
    android-publisher (0.0.14)
      oauth2
      trollop
    builder (3.2.2)
    faraday (0.9.2)
      multipart-post (>= 1.2, < 3)
    jwt (0.1.13)
      multi_json (>= 1.5)
    mime-types (3.0)
      mime-types-data (~> 3.2015)
    mime-types-data (3.2015.1120)
    multi_json (1.11.2)
    multi_xml (0.5.5)
    multipart-post (2.0.0)
    oauth2 (0.9.3)
      faraday (>= 0.8, < 0.10)
      jwt (~> 0.1.8)
      multi_json (~> 1.3)
      multi_xml (~> 0.5)
      rack (~> 1.2)
    parallel (0.9.2)
    rack (1.6.4)
    rake (10.1.1)
    rest-client (1.6.7)
      mime-types (>= 1.16)
    rubotium (0.0.31)
      builder (= 3.2.2)
      parallel (= 0.9.2)
      trollop (= 2.0)
    trollop (2.0)
    version (1.0.0)

PLATFORMS
  ruby

DEPENDENCIES
  android-publisher (= 0.0.14)
  oauth2 (= 0.9.3)
  rake (= 10.1.1)
  rest-client (= 1.6.7)
  rubotium (= 0.0.31)
  test-user-generator!
  version (= 1.0.0)

BUNDLED WITH
   1.10.6
