GEM
  remote: https://rubygems.org/
  specs:
    mime-types (2.1)
    rake (10.1.1)
    rest-client (1.6.7)
      mime-types (>= 1.16)
    version (1.0.0)

PLATFORMS
  ruby

DEPENDENCIES
  rake (= 10.1.1)
  rest-client (= 1.6.7)
  version (= 1.0.0)
